GEM
  remote: https://rubygems.org/
  specs:
    mini_portile2 (2.1.0)
    nokogiri (1.7.1)
      mini_portile2 (~> 2.1.0)
    sequel (4.46.0)
    sqlite3 (1.3.13)

PLATFORMS
  ruby

DEPENDENCIES
  nokogiri
  sequel
  sqlite3

BUNDLED WITH
   1.13.6
